PATH
  remote: .
  specs:
    bonsai (1.4.4)
      activesupport (>= 3.0.3)
      builder (>= 3.0.0)
      i18n (>= 0.5.0)
      launchy (>= 0.3.7)
      liquid (>= 2.2.2)
      maruku (>= 0.6.0)
      rack
      sass
      sinatra (>= 1.0)
      tilt (>= 1.3)
      watch (>= 0.1.0)

GEM
  remote: http://rubygems.org/
  specs:
    activesupport (3.0.3)
    builder (3.0.0)
    configuration (1.2.0)
    diff-lcs (1.1.2)
    i18n (0.5.0)
    launchy (0.3.7)
      configuration (>= 0.0.5)
      rake (>= 0.8.1)
    liquid (2.2.2)
    maruku (0.6.0)
      syntax (>= 1.0.0)
    rack (1.2.1)
    rake (0.8.7)
    rspec (2.3.0)
      rspec-core (~> 2.3.0)
      rspec-expectations (~> 2.3.0)
      rspec-mocks (~> 2.3.0)
    rspec-core (2.3.1)
    rspec-expectations (2.3.0)
      diff-lcs (~> 1.1.2)
    rspec-mocks (2.3.0)
    sass (3.1.4)
    sinatra (1.0)
      rack (>= 1.0)
    syntax (1.0.0)
    tilt (1.3)
    watch (0.1.0)
    yard (0.6.4)

PLATFORMS
  ruby

DEPENDENCIES
  bonsai!
  rspec (~> 2.3)
  yard
