GEM
  specs:
    activesupport (3.0.3)
    builder (3.0.0)
    configuration (1.2.0)
    diff-lcs (1.1.2)
    gemcutter (0.6.1)
    git (1.2.5)
    jeweler (1.4.0)
      gemcutter (>= 0.1.0)
      git (>= 1.2.5)
      rubyforge (>= 2.0.0)
    json_pure (1.4.6)
    launchy (0.3.7)
      configuration (>= 0.0.5)
      rake (>= 0.8.1)
    less (1.2.21)
      mutter (>= 0.4.2)
      treetop (>= 1.4.2)
    maruku (0.6.0)
      syntax (>= 1.0.0)
    mustache (0.12.0)
    mutter (0.5.3)
    polyglot (0.3.1)
    rack (1.2.1)
    rake (0.8.7)
    rspec (2.3.0)
      rspec-core (~> 2.3.0)
      rspec-expectations (~> 2.3.0)
      rspec-mocks (~> 2.3.0)
    rspec-core (2.3.1)
    rspec-expectations (2.3.0)
      diff-lcs (~> 1.1.2)
    rspec-mocks (2.3.0)
    rubyforge (2.0.4)
      json_pure (>= 1.1.7)
    sinatra (1.1.2)
      rack (~> 1.1)
      tilt (~> 1.2)
    syntax (1.0.0)
    tilt (1.2.1)
    treetop (1.4.9)
      polyglot (>= 0.3.1)
    watch (0.1.0)
    yard (0.6.4)

PLATFORMS
  ruby

DEPENDENCIES
  activesupport
  builder
  jeweler
  launchy
  less
  maruku
  mustache
  rspec
  sinatra
  tilt
  watch
  yard
